GEM
  remote: https://rubygems.org/
  specs:
    coderay (1.1.2)
    method_source (0.8.2)
    mini_portile2 (2.2.0)
    nokogiri (1.8.0)
      mini_portile2 (~> 2.2.0)
    pry (0.10.4)
      coderay (~> 1.1.0)
      method_source (~> 0.8.1)
      slop (~> 3.4)
    rubyXL (3.3.33)
      nokogiri (>= 1.4.4)
      rubyzip (>= 1.1.6)
    rubyzip (1.2.2)
    slop (3.6.0)

PLATFORMS
  ruby

DEPENDENCIES
  nokogiri (= 1.8.0)
  pry (= 0.10.4)
  rubyXL (~> 3.3.23)

RUBY VERSION
   ruby 2.4.1p111

BUNDLED WITH
   1.16.0
