GEM
  remote: https://rubygems.org/
  specs:
    coderay (1.1.2)
    method_source (0.8.2)
    mini_portile2 (2.4.0)
    nokogiri (1.10.8)
      mini_portile2 (~> 2.4.0)
    pry (0.10.4)
      coderay (~> 1.1.0)
      method_source (~> 0.8.1)
      slop (~> 3.4)
    rubyXL (3.4.12)
      nokogiri (>= 1.4.4)
      rubyzip (>= 1.3.0)
    rubyzip (2.1.0)
    slop (3.6.0)

PLATFORMS
  ruby

DEPENDENCIES
  nokogiri (= 1.10.8)
  pry (= 0.10.4)
  rubyXL (~> 3.4.1)

RUBY VERSION
   ruby 2.4.1p111

BUNDLED WITH
   2.0.1
