GEM
  remote: https://rubygems.org/
  specs:
    coderay (1.1.3)
    method_source (0.8.2)
    mini_portile2 (2.8.4)
    nokogiri (1.13.10)
      mini_portile2 (~> 2.8.0)
      racc (~> 1.4)
    pry (0.10.4)
      coderay (~> 1.1.0)
      method_source (~> 0.8.1)
      slop (~> 3.4)
    racc (1.7.1)
    rubyXL (3.4.25)
      nokogiri (>= 1.10.8)
      rubyzip (>= 1.3.0)
    rubyzip (2.3.2)
    slop (3.6.0)

PLATFORMS
  ruby

DEPENDENCIES
  nokogiri (~> 1.10)
  pry (~> 0.10.4)
  rubyXL (~> 3.4.1)

RUBY VERSION
   ruby 2.4.1p111

BUNDLED WITH
   2.4.18
